GEM
  remote: https://rubygems.org/
  specs:
    dry-cli (1.1.0)

PLATFORMS
  ruby
  x86_64-linux

DEPENDENCIES
  dry-cli (~> 1.1)

BUNDLED WITH
   2.5.19
